GEM
  specs:
    wdm (0.1.1)

PLATFORMS
  x64-mingw32

DEPENDENCIES
  wdm (>= 0.1.0)

BUNDLED WITH
   1.12.1
